GEM
  remote: https://rubygems.org/
  specs:
    haml (3.1.7)
    puma (3.11.3)
    rack (1.4.1)
    rack-protection (1.2.0)
      rack
    shotgun (0.9)
      rack (>= 1.0)
    sinatra (1.3.3)
      rack (~> 1.3, >= 1.3.6)
      rack-protection (~> 1.2)
      tilt (~> 1.3, >= 1.3.3)
    sinatra-flash (0.3.0)
      sinatra (>= 1.0.0)
    tilt (1.3.3)

PLATFORMS
  ruby

DEPENDENCIES
  haml
  puma
  shotgun
  sinatra
  sinatra-flash

BUNDLED WITH
   1.16.1
