GEM
  remote: https://rubygems.org/
  specs:
    haml (3.1.7)
    kgio (2.10.0)
    rack (1.4.1)
    rack-protection (1.2.0)
      rack
    raindrops (0.15.0)
    shotgun (0.9)
      rack (>= 1.0)
    sinatra (1.3.3)
      rack (~> 1.3, >= 1.3.6)
      rack-protection (~> 1.2)
      tilt (~> 1.3, >= 1.3.3)
    sinatra-flash (0.3.0)
      sinatra (>= 1.0.0)
    tilt (1.3.3)
    unicorn (4.9.0)
      kgio (~> 2.6)
      rack
      raindrops (~> 0.7)

PLATFORMS
  ruby

DEPENDENCIES
  haml
  shotgun
  sinatra
  sinatra-flash
  unicorn

BUNDLED WITH
   1.10.6
